GEM
  remote: https://rubygems.org/
  specs:
    minitest (5.25.5)

PLATFORMS
  arm64-darwin-24
  ruby

DEPENDENCIES
  minitest (~> 5.25)

BUNDLED WITH
   2.6.9
